GIT
  remote: git@github.com:quintel/atlas.git
  revision: 414bef6fc951d15b61aa2a26fea4080040efd024
  ref: 414bef6
  specs:
    atlas (0.0.2)
      activemodel
      activesupport
      rubel (>= 0.0.3)
      turbine-graph (>= 0.1)
      virtus (~> 0.5.4)

GIT
  remote: git@github.com:quintel/refinery.git
  revision: f29ead19f878f660501e5bcbe0251c002d9dab13
  ref: f29ead1
  specs:
    refinery (0.0.1)
      ruby-graphviz
      terminal-table
      turbine-graph (>= 0.1.1)

GEM
  remote: https://rubygems.org/
  specs:
    activemodel (4.1.0)
      activesupport (= 4.1.0)
      builder (~> 3.1)
    activesupport (4.1.0)
      i18n (~> 0.6, >= 0.6.9)
      json (~> 1.7, >= 1.7.7)
      minitest (~> 5.1)
      thread_safe (~> 0.1)
      tzinfo (~> 1.1)
    backports (3.6.0)
    builder (3.2.2)
    descendants_tracker (0.0.4)
      thread_safe (~> 0.3, >= 0.3.1)
    diff-lcs (1.2.4)
    i18n (0.6.9)
    json (1.8.1)
    minitest (5.3.3)
    rake (10.1.0)
    rspec (2.14.1)
      rspec-core (~> 2.14.0)
      rspec-expectations (~> 2.14.0)
      rspec-mocks (~> 2.14.0)
    rspec-core (2.14.5)
    rspec-expectations (2.14.2)
      diff-lcs (>= 1.1.3, < 2.0)
    rspec-mocks (2.14.3)
    rubel (0.0.3)
    ruby-graphviz (1.0.9)
    terminal-table (1.4.5)
    thread_safe (0.3.3)
    turbine-graph (0.1.3)
    tzinfo (1.1.0)
      thread_safe (~> 0.1)
    virtus (0.5.5)
      backports (~> 3.3)
      descendants_tracker (~> 0.0.1)

PLATFORMS
  ruby

DEPENDENCIES
  atlas!
  rake
  refinery!
  rspec
